GEM
  remote: https://rubygems.org/
  specs:
    curses (1.4.7)

PLATFORMS
  ruby
  x86_64-linux

DEPENDENCIES
  curses

BUNDLED WITH
   2.5.3
